GEM
  remote: https://rubygems.org/
  specs:
    builder (3.2.2)
    dotenv (2.1.1)
    faker (1.6.6)
      i18n (~> 0.5)
    highline (1.7.8)
    i18n (0.7.0)
    json (2.0.2)
    options (2.3.2)
    progress_bar (1.0.5)
      highline (~> 1.6)
      options (~> 2.3.0)
    rsolr (1.1.2)
      builder (>= 2.1.2)

PLATFORMS
  ruby

DEPENDENCIES
  dotenv
  faker
  highline
  json
  progress_bar
  rsolr

RUBY VERSION
   ruby 2.3.1p112

BUNDLED WITH
   1.13.6
